PATH
  remote: .
  specs:
    rubytree (1.0.2)
      json (> 2.3.1)

GEM
  remote: https://rubygems.org/
  specs:
    diff-lcs (1.5.0)
    json (2.6.2)
    power_assert (2.0.1)
    psych (4.0.4)
      stringio
    rake (13.0.6)
    rdoc (6.4.0)
      psych (>= 4.0.0)
    rspec (3.11.0)
      rspec-core (~> 3.11.0)
      rspec-expectations (~> 3.11.0)
      rspec-mocks (~> 3.11.0)
    rspec-core (3.11.0)
      rspec-support (~> 3.11.0)
    rspec-expectations (3.11.0)
      diff-lcs (>= 1.2.0, < 2.0)
      rspec-support (~> 3.11.0)
    rspec-mocks (3.11.1)
      diff-lcs (>= 1.2.0, < 2.0)
      rspec-support (~> 3.11.0)
    rspec-support (3.11.0)
    rtags (0.97)
    rtagstask (0.0.4)
      rtags (> 0.0.0)
    stringio (3.0.2)
    test-unit (3.5.3)
      power_assert
    webrick (1.7.0)
    yard (0.9.28)
      webrick (~> 1.7.0)

PLATFORMS
  ruby

DEPENDENCIES
  bundler
  rake
  rdoc
  rspec
  rtagstask
  rubytree!
  test-unit
  yard

BUNDLED WITH
   2.3.4
